GEM
  remote: http://rubygems.org/
  specs:
    builder (3.0.0)
    cucumber (0.10.0)
      builder (>= 2.1.2)
      diff-lcs (~> 1.1.2)
      gherkin (~> 2.3.2)
      json (~> 1.4.6)
      term-ansicolor (~> 1.0.5)
    cuke4duke (0.4.3)
      cucumber (~> 0.10.0)
    diff-lcs (1.1.2)
    gherkin (2.3.3-java)
      json (~> 1.4.6)
    json (1.4.6-java)
    rspec (1.3.0)
    term-ansicolor (1.0.5)

PLATFORMS
  java

DEPENDENCIES
  cucumber (= 0.10.0)
  cuke4duke (= 0.4.3)
  rspec (= 1.3.0)
