GEM
  remote: http://rubygems.org/
  specs:
    akephalos (0.2.5-java)
      capybara (~> 0.4.0)
    builder (3.0.0)
    capybara (0.4.1.2)
      celerity (>= 0.7.9)
      culerity (>= 0.2.4)
      mime-types (>= 1.16)
      nokogiri (>= 1.3.3)
      rack (>= 1.0.0)
      rack-test (>= 0.5.4)
      selenium-webdriver (>= 0.0.27)
      xpath (~> 0.1.3)
    celerity (0.8.8)
    childprocess (0.1.7)
      ffi (~> 0.6.3)
    cucumber (0.10.0)
      builder (>= 2.1.2)
      diff-lcs (~> 1.1.2)
      gherkin (~> 2.3.2)
      json (~> 1.4.6)
      term-ansicolor (~> 1.0.5)
    cuke4duke (0.4.3)
      cucumber (~> 0.10.0)
    culerity (0.2.15)
    diff-lcs (1.1.2)
    ffi (0.6.3-java)
    gherkin (2.3.3-java)
      json (~> 1.4.6)
    json (1.4.6-java)
    json_pure (1.5.1)
    mime-types (1.16)
    nokogiri (1.4.4.2-java)
      weakling (>= 0.0.3)
    rack (1.2.1)
    rack-test (0.5.7)
      rack (>= 1.0)
    rubyzip (0.9.4)
    selenium-webdriver (0.1.3)
      childprocess (~> 0.1.5)
      ffi (~> 0.6.3)
      json_pure
      rubyzip
    term-ansicolor (1.0.5)
    weakling (0.0.4-java)
    xpath (0.1.3)
      nokogiri (~> 1.3)

PLATFORMS
  java

DEPENDENCIES
  akephalos (= 0.2.5)
  cucumber (= 0.10.0)
  cuke4duke (= 0.4.3)
