GEM
  remote: http://rubygems.org/
  specs:
    ZenTest (4.5.0)
    autotest (4.4.6)
      ZenTest (>= 4.4.1)
    autotest-fsevent (0.2.5)
      sys-uname
    autotest-growl (0.2.9)
    builder (3.0.0)
    cucumber (0.10.0)
      builder (>= 2.1.2)
      diff-lcs (~> 1.1.2)
      gherkin (~> 2.3.2)
      json (~> 1.4.6)
      term-ansicolor (~> 1.0.5)
    diff-lcs (1.1.2)
    gherkin (2.3.4)
      json (~> 1.4.6)
    growl (1.0.3)
    json (1.4.6)
    rspec (2.5.0)
      rspec-core (~> 2.5.0)
      rspec-expectations (~> 2.5.0)
      rspec-mocks (~> 2.5.0)
    rspec-core (2.5.1)
    rspec-expectations (2.5.0)
      diff-lcs (~> 1.1.2)
    rspec-mocks (2.5.0)
    sys-uname (0.8.5)
    term-ansicolor (1.0.5)

PLATFORMS
  ruby

DEPENDENCIES
  autotest (= 4.4.6)
  autotest-fsevent (= 0.2.5)
  autotest-growl (= 0.2.9)
  cucumber (= 0.10.0)
  growl (= 1.0.3)
  rspec (= 2.5.0)
